PATH
  remote: .
  specs:
    ruter (1.0.0)
      erubi (~> 1.10)
      rack (~> 2.0)
      syro (~> 3.2)
      tilt (~> 2.0)

GEM
  remote: https://rubygems.org/
  specs:
    ast (2.4.2)
    erubi (1.10.0)
    minitest (5.14.4)
    minitest-sugar (2.1.2)
      minitest (~> 5.0)
    parallel (1.20.1)
    parser (3.0.2.0)
      ast (~> 2.4.1)
    rack (2.2.3)
    rainbow (3.0.0)
    rake (13.0.6)
    redcarpet (3.5.1)
    regexp_parser (2.1.1)
    rexml (3.2.5)
    rubocop (1.20.0)
      parallel (~> 1.10)
      parser (>= 3.0.0.0)
      rainbow (>= 2.2.2, < 4.0)
      regexp_parser (>= 1.8, < 3.0)
      rexml
      rubocop-ast (>= 1.9.1, < 2.0)
      ruby-progressbar (~> 1.7)
      unicode-display_width (>= 1.4.0, < 3.0)
    rubocop-ast (1.11.0)
      parser (>= 3.0.1.1)
    rubocop-performance (1.11.5)
      rubocop (>= 1.7.0, < 2.0)
      rubocop-ast (>= 0.4.0)
    ruby-progressbar (1.11.0)
    seg (1.2.0)
    standard (1.3.0)
      rubocop (= 1.20.0)
      rubocop-performance (= 1.11.5)
    syro (3.2.1)
      rack (>= 1.6.0)
      seg
    tilt (2.0.10)
    unicode-display_width (2.0.0)

PLATFORMS
  x86_64-darwin-20

DEPENDENCIES
  minitest (~> 5.8)
  minitest-sugar (~> 2.1)
  rake (~> 13.0)
  redcarpet (~> 3.5)
  ruter!
  standard (~> 1.2)

BUNDLED WITH
   2.2.26
